GEM
  remote: https://rubygems.org/
  specs:
    RedCloth (4.2.9)
    asciidoctor (1.5.1)
    awestruct (0.5.3)
      bootstrap-sass (>= 2.3.1.0)
      compass (>= 0.12.1)
      compass-960-plugin (~> 0.10.4)
      git (~> 1.2.5)
      haml (~> 4.0.1)
      listen (>= 0.7.3)
      nokogiri (= 1.5.10)
      rack (~> 1.5.2)
      rest-client (>= 1.6.7)
      ruby-s3cmd (~> 0.1.5)
      tilt (>= 1.3.6)
      zurb-foundation (>= 4.0.9)
    bootstrap-sass (2.3.2.2)
      sass (~> 3.2)
    celluloid (0.16.0)
      timers (~> 4.0.0)
    chunky_png (1.3.1)
    coffee-script (2.3.0)
      coffee-script-source
      execjs
    coffee-script-source (1.8.0)
    compass (1.0.1)
      chunky_png (~> 1.2)
      compass-core (~> 1.0.1)
      compass-import-once (~> 1.0.5)
      rb-fsevent (>= 0.9.3)
      rb-inotify (>= 0.9)
      sass (>= 3.3.13, < 3.5)
    compass-960-plugin (0.10.4)
      compass (>= 0.10.0)
    compass-core (1.0.1)
      multi_json (~> 1.0)
      sass (>= 3.3.0, < 3.5)
    compass-import-once (1.0.5)
      sass (>= 3.2, < 3.5)
    execjs (2.2.1)
    ffi (1.9.5)
    git (1.2.8)
    haml (4.0.5)
      tilt
    hitimes (1.2.2)
    htmlcompressor (0.1.2)
    json (1.8.1)
    libv8 (3.3.10.4)
    listen (2.7.11)
      celluloid (>= 0.15.2)
      rb-fsevent (>= 0.9.3)
      rb-inotify (>= 0.9)
    mime-types (2.3)
    multi_json (1.10.1)
    netrc (0.7.7)
    nokogiri (1.5.10)
    org-ruby (0.9.9)
      rubypants (~> 0.2)
    rack (1.5.2)
    rake (10.3.2)
    rb-fsevent (0.9.4)
    rb-inotify (0.9.5)
      ffi (>= 0.5.0)
    rest-client (1.7.2)
      mime-types (>= 1.16, < 3.0)
      netrc (~> 0.7)
    ruby-s3cmd (0.1.5)
    rubypants (0.2.0)
    sass (3.4.5)
    therubyracer (0.10.0)
      libv8 (~> 3.3.10)
    tilt (2.0.1)
    timers (4.0.1)
      hitimes
    uglifier (2.5.3)
      execjs (>= 0.3.0)
      json (>= 1.8.0)
    zurb-foundation (4.3.2)
      sass (>= 3.2.0)

PLATFORMS
  ruby

DEPENDENCIES
  RedCloth (>= 4.2.9)
  asciidoctor (>= 0.1.1)
  awestruct (>= 0.5.3)
  bootstrap-sass (< 3.0)
  coffee-script (>= 2.2.0)
  haml
  htmlcompressor (>= 0.0.3)
  org-ruby (>= 0.8)
  rake (>= 0.9.2)
  therubyracer (= 0.10.0)
  uglifier (>= 1.3.0)
